PATH
  remote: .
  specs:
    vesr (0.1.2)

GEM
  remote: http://rubygems.org/
  specs:
    rake (0.9.2)
    rdoc (3.9.4)

PLATFORMS
  ruby

DEPENDENCIES
  rake
  rdoc
  vesr!
